GEM
  remote: https://rubygems.org/
  specs:
    commander (4.3.5)
      highline (~> 1.7.2)
    highline (1.7.8)
    minitest (5.8.2)
    sass (3.4.19)
    sassunit (1.0.0)
      commander
      minitest
      sass

PLATFORMS
  ruby

DEPENDENCIES
  sass (~> 3.3)
  sassunit
