GEM
  remote: https://rubygems.org/
  specs:
    minitest (5.4.3)
    sass (3.3.14)
    sassunit (0.0.2)
      minitest
      sass

PLATFORMS
  ruby

DEPENDENCIES
  sass (~> 3.3.0)
  sassunit
